GEM
  remote: https://rubygems.org/
  specs:
    ffi (1.15.0)
    google-protobuf (4.26.1)
      rake (>= 13)
    libusb (0.6.4)
      ffi (~> 1.0)
      mini_portile2 (~> 2.1)
    mini_portile2 (2.5.0)
    nokogiri (1.11.2)
      mini_portile2 (~> 2.5.0)
      racc (~> 1.4)
    racc (1.5.2)
    rake (13.2.1)
    rubyserial (0.6.0)
      ffi (~> 1.9, >= 1.9.3)

PLATFORMS
  ruby

DEPENDENCIES
  google-protobuf (>= 3.25.5)
  libusb
  nokogiri
  rubyserial

BUNDLED WITH
   2.1.4
